PATH
  remote: .
  specs:
    ole-pages (0.0.1)
      chronic
      cucumber
      headless
      marc
      net-http-persistent
      numerizer
      page-object
      rspec (~> 2.14)
      watir-webdriver

GEM
  remote: https://rubygems.org/
  specs:
    builder (3.2.2)
    childprocess (0.5.3)
      ffi (~> 1.0, >= 1.0.11)
    chronic (0.10.2)
    cucumber (1.3.15)
      builder (>= 2.1.2)
      diff-lcs (>= 1.1.3)
      gherkin (~> 2.12)
      multi_json (>= 1.7.5, < 2.0)
      multi_test (>= 0.1.1)
    data_magic (0.19)
      faker (>= 1.1.2)
      yml_reader (>= 0.3)
    diff-lcs (1.2.5)
    ensure_valid_encoding (0.5.3)
    faker (1.4.2)
      i18n (~> 0.5)
    ffi (1.9.3)
    gherkin (2.12.2)
      multi_json (~> 1.3)
    headless (1.0.2)
    i18n (0.6.11)
    marc (0.8.1)
      ensure_valid_encoding
      unf
    multi_json (1.10.1)
    multi_test (0.1.1)
    net-http-persistent (2.9.4)
    numerizer (0.2.0)
    page-object (1.0)
      page_navigation (>= 0.9)
      selenium-webdriver (>= 2.42.0)
      watir-webdriver (>= 0.6.9)
    page_navigation (0.9)
      data_magic (>= 0.14)
    rake (10.3.2)
    rspec (2.99.0)
      rspec-core (~> 2.99.0)
      rspec-expectations (~> 2.99.0)
      rspec-mocks (~> 2.99.0)
    rspec-core (2.99.1)
    rspec-expectations (2.99.1)
      diff-lcs (>= 1.1.3, < 2.0)
    rspec-mocks (2.99.1)
    rubyzip (1.1.6)
    selenium-webdriver (2.42.0)
      childprocess (>= 0.5.0)
      multi_json (~> 1.0)
      rubyzip (~> 1.0)
      websocket (~> 1.0.4)
    unf (0.1.4)
      unf_ext
    unf_ext (0.0.6)
    watir-webdriver (0.6.10)
      selenium-webdriver (>= 2.18.0)
    websocket (1.0.7)
    yml_reader (0.3)

PLATFORMS
  ruby

DEPENDENCIES
  bundler (~> 1.6)
  ole-pages!
  rake
